GEM
  remote: https://rubygems.org/
  specs:
    haml (3.1.4)
    json (1.6.4)
    nokogiri (1.5.0)
    rack (1.3.5)
    rack-cache (1.1)
      rack (>= 0.4)
    rack-protection (1.1.4)
      rack
    redcarpet (2.0.1)
    sass (3.1.12)
    schnitzelstyle (0.0.1)
      sass
    shotgun (0.9)
      rack (>= 1.0)
    sinatra (1.3.1)
      rack (~> 1.3, >= 1.3.4)
      rack-protection (~> 1.1, >= 1.1.2)
      tilt (~> 1.3, >= 1.3.3)
    tilt (1.3.3)

PLATFORMS
  ruby

DEPENDENCIES
  haml
  json
  nokogiri
  rack-cache
  redcarpet
  schnitzelstyle
  shotgun
  sinatra
